GEM
  remote: https://rubygems.org/
  specs:
    activesupport (7.0.4.3)
      concurrent-ruby (~> 1.0, >= 1.0.2)
      i18n (>= 1.6, < 2)
      minitest (>= 5.1)
      tzinfo (~> 2.0)
    addressable (2.8.4)
      public_suffix (>= 2.0.2, < 6.0)
    aws-eventstream (1.2.0)
    aws-sigv4 (1.5.2)
      aws-eventstream (~> 1, >= 1.0.2)
    colored2 (3.1.2)
    concourse.rb (0.5.0)
      excon (~> 0.72)
      semantic (~> 1.5)
    concurrent-ruby (1.2.2)
    confidante (0.28.0)
      activesupport (>= 4)
      hiera (~> 3.3)
      shikashi (~> 0.6)
      vault (~> 0.17)
    down (5.4.0)
      addressable (~> 2.8)
    edn (1.1.1)
    evalhook (0.6.0)
      partialruby (~> 0.3)
      sexp_processor (~> 4.0)
    excon (0.99.0)
    faraday (2.7.4)
      faraday-net_http (>= 2.0, < 3.1)
      ruby2_keywords (>= 0.0.4)
    faraday-net_http (3.0.2)
    getsource (0.2.2)
    git (1.18.0)
      addressable (~> 2.8)
      rchardet (~> 1.8)
    hamster (3.0.0)
      concurrent-ruby (~> 1.0)
    hiera (3.12.0)
    i18n (1.12.0)
      concurrent-ruby (~> 1.0)
    immutable-struct (2.4.1)
    lino (3.1.0)
      hamster (~> 3.0)
      open4 (~> 1.3)
    mime-types (3.4.1)
      mime-types-data (~> 3.2015)
    mime-types-data (3.2023.0218.1)
    minitar (0.9)
    minitest (5.18.0)
    octokit (4.25.1)
      faraday (>= 1, < 3)
      sawyer (~> 0.9)
    open4 (1.3.4)
    partialruby (0.3.0)
      ruby2ruby (~> 2)
      ruby_parser (~> 3)
    public_suffix (5.0.1)
    rake (13.0.6)
    rake_dependencies (3.5.0)
      down (~> 5.3)
      hamster (~> 3.0)
      minitar (~> 0.9)
      rake_factory (~> 0.23)
      rubyzip (>= 1.3)
    rake_factory (0.31.0)
      activesupport (>= 4)
      rake (~> 13.0)
    rake_fly (2.13.0)
      concourse.rb (>= 0.4)
      rake_dependencies (~> 3.1)
      rake_factory (~> 0.29)
      ruby_fly (>= 0.35)
      semantic (~> 1.6)
    rake_github (0.8.0.pre.5)
      colored2 (~> 3.1)
      octokit (~> 4.16)
      rake_factory (~> 0.23)
      sshkey (~> 2.0)
    rake_gpg (0.18.0)
      rake_factory (~> 0.23)
      ruby_gpg2 (~> 0.6)
    rake_ssh (0.10.0)
      colored2 (~> 3.1)
      rake_factory (~> 0.23)
      sshkey (~> 2.0)
    rake_terraform (1.23.0)
      colored2 (~> 3.1)
      rake_dependencies (~> 3.1)
      rake_factory (~> 0.23)
      ruby-terraform (~> 1.4)
    rchardet (1.8.0)
    ruby-terraform (1.7.0)
      immutable-struct (~> 2.4)
      lino (~> 3.0)
    ruby2_keywords (0.0.5)
    ruby2ruby (2.5.0)
      ruby_parser (~> 3.1)
      sexp_processor (~> 4.6)
    ruby_fly (0.39.0)
      lino (~> 3.0)
    ruby_gpg2 (0.10.0)
      lino (~> 3.0)
    ruby_parser (3.20.0)
      sexp_processor (~> 4.16)
    rubyzip (2.3.2)
    sawyer (0.9.2)
      addressable (>= 2.3.5)
      faraday (>= 0.17.3, < 3)
    semantic (1.6.1)
    sexp_processor (4.16.1)
    shikashi (0.6.0)
      evalhook (>= 0.6.0)
      getsource (>= 0.1.0)
    sshkey (2.0.0)
    tzinfo (2.0.6)
      concurrent-ruby (~> 1.0)
    vault (0.17.0)
      aws-sigv4

PLATFORMS
  arm64-darwin-20
  x86_64-darwin-19
  x86_64-darwin-20
  x86_64-darwin-21
  x86_64-linux

DEPENDENCIES
  confidante (~> 0.27)
  edn (~> 1.1)
  git (~> 1.9)
  mime-types (~> 3.3)
  rake (~> 13.0)
  rake_dependencies (~> 3.1)
  rake_fly (~> 2.11)
  rake_github (= 0.8.0.pre.5)
  rake_gpg (~> 0.16)
  rake_ssh (~> 0.4)
  rake_terraform (~> 1.20)
  semantic (~> 1.6)

BUNDLED WITH
   2.3.4
